GEM
  remote: https://rubygems.org/
  specs:
    colorize (0.5.8)
    coveralls (0.6.7)
      colorize
      multi_json (~> 1.3)
      rest-client
      simplecov (>= 0.7)
      thor
    execjs (1.4.0)
      multi_json (~> 1.0)
    libv8 (3.11.8.17)
    mime-types (1.23)
    minitest (5.0.5)
    multi_json (1.7.7)
    pre-commit (0.8.1)
      execjs
    rake (10.1.0)
    ref (1.0.5)
    rest-client (1.6.7)
      mime-types (>= 1.16)
    simplecov (0.7.1)
      multi_json (~> 1.0)
      simplecov-html (~> 0.7.1)
    simplecov-html (0.7.1)
    therubyracer (0.11.4)
      libv8 (~> 3.11.8.12)
      ref
    thor (0.18.1)

PLATFORMS
  ruby

DEPENDENCIES
  coveralls
  execjs
  minitest
  pre-commit
  rake
  simplecov
  therubyracer
